GEM
  remote: https://rubygems.org/
  specs:
    mime (0.4.2)
    mime-types (2.6.1)
    mini_exiftool (2.5.1)
    mini_portile (0.6.2)
    nokogiri (1.6.6.2)
      mini_portile (~> 0.6.0)
    spider (0.4.4)
    zip (2.0.2)

PLATFORMS
  ruby

DEPENDENCIES
  mime
  mime-types
  mini_exiftool
  nokogiri
  spider
  zip
